GEM
  remote: https://rubygems.org/
  specs:
    cinch (2.3.3)
    coderay (1.1.1)
    faraday (0.11.0)
      multipart-post (>= 1.2, < 3)
    foreman (0.83.0)
      thor (~> 0.19.1)
    method_source (0.8.2)
    mqtt (0.4.0)
    multipart-post (2.0.0)
    pry (0.10.4)
      coderay (~> 1.1.0)
      method_source (~> 0.8.1)
      slop (~> 3.4)
    rb-readline (0.5.3)
    scrolls (0.3.8)
    sentry-raven (2.3.0)
      faraday (>= 0.7.6, < 1.0)
    slop (3.6.0)
    thor (0.19.4)

PLATFORMS
  ruby

DEPENDENCIES
  cinch (~> 2.3, >= 2.3.3)
  foreman (~> 0.83.0)
  mqtt (~> 0.4.0)
  pry
  rb-readline
  scrolls (~> 0.3.8)
  sentry-raven (~> 2.3)

BUNDLED WITH
   1.13.7
